GEM
  remote: https://rubygems.org/
  specs:
    addressable (2.7.0)
      public_suffix (>= 2.0.2, < 5.0)
    ast (2.4.0)
    byebug (11.1.1)
    chronic (0.10.2)
    coderay (1.1.2)
    crack (0.4.3)
      safe_yaml (~> 1.0.0)
    diff-lcs (1.3)
    docile (1.3.2)
    hashdiff (1.0.1)
    jaro_winkler (1.5.4)
    mail (2.7.1)
      mini_mime (>= 0.1.1)
    method_source (0.9.2)
    mini_mime (1.0.2)
    parallel (1.19.1)
    parser (2.7.0.4)
      ast (~> 2.4.0)
    pony (1.13.1)
      mail (>= 2.0)
    pry (0.12.2)
      coderay (~> 1.1.0)
      method_source (~> 0.9.0)
    pry-byebug (3.8.0)
      byebug (~> 11.0)
      pry (~> 0.10)
    public_suffix (4.0.3)
    rainbow (3.0.0)
    rake (13.0.1)
    rexml (3.2.4)
    rspec (3.9.0)
      rspec-core (~> 3.9.0)
      rspec-expectations (~> 3.9.0)
      rspec-mocks (~> 3.9.0)
    rspec-core (3.9.1)
      rspec-support (~> 3.9.1)
    rspec-expectations (3.9.1)
      diff-lcs (>= 1.2.0, < 2.0)
      rspec-support (~> 3.9.0)
    rspec-mocks (3.9.1)
      diff-lcs (>= 1.2.0, < 2.0)
      rspec-support (~> 3.9.0)
    rspec-support (3.9.2)
    rubocop (0.80.1)
      jaro_winkler (~> 1.5.1)
      parallel (~> 1.10)
      parser (>= 2.7.0.1)
      rainbow (>= 2.2.2, < 4.0)
      rexml
      ruby-progressbar (~> 1.7)
      unicode-display_width (>= 1.4.0, < 1.7)
    ruby-progressbar (1.10.1)
    safe_yaml (1.0.5)
    simplecov (0.18.5)
      docile (~> 1.1)
      simplecov-html (~> 0.11)
    simplecov-html (0.12.2)
    timecop (0.9.1)
    unicode-display_width (1.6.1)
    webmock (3.8.3)
      addressable (>= 2.3.6)
      crack (>= 0.3.2)
      hashdiff (>= 0.4.0, < 2.0.0)
    whenever (1.0.0)
      chronic (>= 0.6.3)

PLATFORMS
  ruby

DEPENDENCIES
  pony
  pry-byebug
  rake
  rspec
  rubocop
  simplecov
  timecop
  webmock
  whenever

RUBY VERSION
   ruby 2.6.5p114

BUNDLED WITH
   2.1.2
